GEM
  remote: https://rubygems.org/
  specs:
    connection_pool (2.4.1)
    dalli (3.2.6)
    foreman (0.87.2)
    kgio (2.11.4)
    multi_json (1.15.0)
    mustermann (3.0.0)
      ruby2_keywords (~> 0.0.1)
    mysql2 (0.5.5)
    rack (2.2.8)
    rack-flash3 (1.0.5)
      rack
    rack-protection (3.1.0)
      rack (~> 2.2, >= 2.2.4)
    raindrops (0.20.1)
    ruby2_keywords (0.0.5)
    sinatra (3.1.0)
      mustermann (~> 3.0)
      rack (~> 2.2, >= 2.2.4)
      rack-protection (= 3.1.0)
      tilt (~> 2.0)
    sinatra-contrib (3.1.0)
      multi_json
      mustermann (~> 3.0)
      rack-protection (= 3.1.0)
      sinatra (= 3.1.0)
      tilt (~> 2.0)
    tilt (2.2.0)
    unicorn (6.1.0)
      kgio (~> 2.6)
      raindrops (~> 0.7)

PLATFORMS
  aarch64-linux
  x86_64-linux

DEPENDENCIES
  connection_pool
  dalli
  foreman
  mysql2
  rack
  rack-flash3
  sinatra
  sinatra-contrib
  unicorn

BUNDLED WITH
   2.3.26
